GEM
  remote: https://rubygems.org/
  specs:
    coderay (1.1.3)
    method_source (1.1.0)
    oppen (0.9.8)
    pry (0.15.2)
      coderay (~> 1.1)
      method_source (~> 1.0)
    ruby_tree_sitter (1.11.1)
      oppen (= 0.9.8)
      sorbet-runtime
      zeitwerk
    ruby_tree_sitter (1.11.1-aarch64-linux-gnu)
      oppen (= 0.9.8)
      sorbet-runtime
      zeitwerk
    ruby_tree_sitter (1.11.1-aarch64-linux-musl)
      oppen (= 0.9.8)
      sorbet-runtime
      zeitwerk
    ruby_tree_sitter (1.11.1-arm-linux-gnu)
      oppen (= 0.9.8)
      sorbet-runtime
      zeitwerk
    ruby_tree_sitter (1.11.1-arm-linux-musl)
      oppen (= 0.9.8)
      sorbet-runtime
      zeitwerk
    ruby_tree_sitter (1.11.1-arm64-darwin)
      oppen (= 0.9.8)
      sorbet-runtime
      zeitwerk
    ruby_tree_sitter (1.11.1-x86-linux-musl)
      oppen (= 0.9.8)
      sorbet-runtime
      zeitwerk
    ruby_tree_sitter (1.11.1-x86_64-darwin)
      oppen (= 0.9.8)
      sorbet-runtime
      zeitwerk
    ruby_tree_sitter (1.11.1-x86_64-linux-gnu)
      oppen (= 0.9.8)
      sorbet-runtime
      zeitwerk
    ruby_tree_sitter (1.11.1-x86_64-linux-musl)
      oppen (= 0.9.8)
      sorbet-runtime
      zeitwerk
    sorbet-runtime (0.5.11751)
    zeitwerk (2.6.18)

PLATFORMS
  aarch64-linux-gnu
  aarch64-linux-musl
  arm-linux-gnu
  arm-linux-musl
  arm64-darwin
  ruby
  x86-linux-musl
  x86_64-darwin
  x86_64-linux-gnu
  x86_64-linux-musl

DEPENDENCIES
  pry
  ruby_tree_sitter

BUNDLED WITH
   2.5.22
