GEM
  remote: https://rubygems.org/
  specs:
    async (2.21.1)
      console (~> 1.29)
      fiber-annotation
      io-event (~> 1.6, >= 1.6.5)
    coderay (1.1.3)
    console (1.29.2)
      fiber-annotation
      fiber-local (~> 1.1)
      json
    fiber-annotation (0.2.0)
    fiber-local (1.1.0)
      fiber-storage
    fiber-storage (1.0.0)
    io-event (1.7.5)
    json (2.9.1)
    method_source (1.1.0)
    oppen (0.9.8)
    pry (0.15.2)
      coderay (~> 1.1)
      method_source (~> 1.0)
    ruby_tree_sitter (1.11.1)
      oppen (= 0.9.8)
      sorbet-runtime
      zeitwerk
    ruby_tree_sitter (1.11.1-aarch64-linux-gnu)
      oppen (= 0.9.8)
      sorbet-runtime
      zeitwerk
    ruby_tree_sitter (1.11.1-aarch64-linux-musl)
      oppen (= 0.9.8)
      sorbet-runtime
      zeitwerk
    ruby_tree_sitter (1.11.1-arm-linux-gnu)
      oppen (= 0.9.8)
      sorbet-runtime
      zeitwerk
    ruby_tree_sitter (1.11.1-arm-linux-musl)
      oppen (= 0.9.8)
      sorbet-runtime
      zeitwerk
    ruby_tree_sitter (1.11.1-arm64-darwin)
      oppen (= 0.9.8)
      sorbet-runtime
      zeitwerk
    ruby_tree_sitter (1.11.1-x86-linux-musl)
      oppen (= 0.9.8)
      sorbet-runtime
      zeitwerk
    ruby_tree_sitter (1.11.1-x86_64-darwin)
      oppen (= 0.9.8)
      sorbet-runtime
      zeitwerk
    ruby_tree_sitter (1.11.1-x86_64-linux-gnu)
      oppen (= 0.9.8)
      sorbet-runtime
      zeitwerk
    ruby_tree_sitter (1.11.1-x86_64-linux-musl)
      oppen (= 0.9.8)
      sorbet-runtime
      zeitwerk
    sorbet-runtime (0.5.11751)
    zeitwerk (2.6.18)

PLATFORMS
  aarch64-linux-gnu
  aarch64-linux-musl
  arm-linux-gnu
  arm-linux-musl
  arm64-darwin
  ruby
  x86-linux-musl
  x86_64-darwin
  x86_64-linux-gnu
  x86_64-linux-musl

DEPENDENCIES
  async
  pry
  ruby_tree_sitter

BUNDLED WITH
   2.5.22
